PATH
  remote: .
  specs:
    qoif (0.1.0)
      chunky_png

GEM
  remote: https://rubygems.org/
  specs:
    chunky_png (1.4.0)
    rake (13.2.1)

PLATFORMS
  arm64-darwin-22

DEPENDENCIES
  qoif!
  rake (~> 13.0)

BUNDLED WITH
   2.2.32
